NUGET
  remote: https://nuget.org/api/v2
  specs:
    FAKE (4.1.4)
    FSharp.Compiler.Service (1.4.0.1)
    FSharp.Core (4.0.0.1)
    FSharp.Data (2.1.1)
      Zlib.Portable (>= 1.10.0) - framework: portable-net40+sl50+wp80+win80
    FSharp.Formatting (2.9.1)
      FSharp.Compiler.Service (>= 0.0.87)
      FSharpVSPowerTools.Core (1.8.0)
    FSharpVSPowerTools.Core (1.8.0)
      FSharp.Compiler.Service (>= 0.0.87)
    Microsoft.Bcl (1.1.10)
      Microsoft.Bcl.Build (>= 1.0.14)
    Microsoft.Bcl.Build (1.0.21)
    Microsoft.Net.Http (2.2.29)
      Microsoft.Bcl (>= 1.1.10)
      Microsoft.Bcl.Build (>= 1.0.14)
    NUnit (2.6.4)
    NUnit.Runners (2.6.4)
    Octokit (0.14.0)
      Microsoft.Net.Http
    SourceLink.Fake (1.0.0)
    Zlib.Portable (1.11.0) - framework: portable-net40+sl50+wp80+win80
  remote: local-packages
  specs:
    Prajna (0.0.1.2-alpha)
      FSharp.Core (>= 3.1.2)
    Prajna.Services (0.0.1.2-alpha)
      FSharp.Core (>= 3.1.2)
      Prajna
    Prajna.WCFTools (0.0.1.2-alpha)
      FSharp.Core (>= 3.1.2)
      Prajna
    Prajna.WPFTools (0.0.1.2-alpha)
      FSharp.Core (>= 3.1.2)
      Prajna
    VMHub.Services (0.0.1.2-alpha)
      FSharp.Core (>= 3.1.2)
      Prajna
      Prajna.Services
GITHUB
  remote: fsharp/FAKE
  specs:
    modules/Octokit/Octokit.fsx (56f47d2c0b59f9835c7339bd9a92d3e983ff6f93)
      Octokit
HTTP
  remote: https://download.sysinternals.com
  specs:
    Handle.zip (/files/Handle.zip)