NUGET
  remote: https://nuget.org/api/v2
  specs:
    FAKE (4.10.3)
    FSharp.Compiler.Service (1.4.0.6)
    FSharp.Core (4.0.0.1)
    FSharp.Data (2.2.5)
      Zlib.Portable (>= 1.10.0) - framework: portable-net40+sl50+wp80+win80
    FSharp.Formatting (2.12.0)
      FSharp.Compiler.Service (1.4.0.6)
      FSharpVSPowerTools.Core (2.1.0)
    FSharpVSPowerTools.Core (2.1.0)
      FSharp.Compiler.Service (>= 1.4.0.6)
    Microsoft.Bcl (1.1.10)
      Microsoft.Bcl.Build (>= 1.0.14)
    Microsoft.Bcl.Build (1.0.21) - import_targets: false
    Microsoft.Net.Http (2.2.29)
      Microsoft.Bcl (>= 1.1.10)
      Microsoft.Bcl.Build (>= 1.0.14)
    Microsoft.WindowsAzure.ConfigurationManager (2.0.3)
    NUnit (3.0.1)
    NUnit.Console (3.0.1)
    NUnit.Runners (3.0.1)
      NUnit.Console (3.0.1)
    Octokit (0.17.0)
      Microsoft.Net.Http
    SourceLink.Fake (1.1.0)
    Zlib.Portable (1.11.0) - framework: portable-net40+sl50+wp80+win80
  remote: local-packages
  specs:
    Prajna (0.0.1.6-alpha)
      FSharp.Core (>= 3.1.2)
    Prajna.Services (0.0.1.6-alpha)
      FSharp.Core (>= 3.1.2)
      Prajna
    Prajna.WCFTools (0.0.1.6-alpha)
      FSharp.Core (>= 3.1.2)
      Prajna
    Prajna.WPFTools (0.0.1.6-alpha)
      FSharp.Core (>= 3.1.2)
      Prajna
    VMHub.Services (0.0.1.2-alpha)
      FSharp.Core (>= 3.1.2)
      Prajna
      Prajna.Services
GITHUB
  remote: fsharp/FAKE
  specs:
    modules/Octokit/Octokit.fsx (917a86046700e4eaaa2aa09de7895e048eaaa1b1)
      Octokit
HTTP
  remote: https://download.sysinternals.com
  specs:
    Handle.zip (/files/Handle.zip)
  remote: http://onenet11
  specs:
    CaffeCommon.zip (/PrajnaHub/Dependencies/CaffeCommon.zip)
    FaceRecognition.zip (/PrajnaHub/Dependencies/FaceRecognition.zip)
    ImageCaption.zip (/PrajnaHub/Dependencies/ImageCaption.zip)
    PrajnaRecogServer.zip (/PrajnaHub/Dependencies/PrajnaRecogServer.zip)