NUGET
  remote: \\OneNet11\PrajnaHubDependencies
  specs:
    EmguCV_MSRCCS_Private (3.1.0)
  remote: https://www.nuget.org/api/v2
  specs:
    FAKE (4.28)
    FSharp.Compiler.Service (2.0.0.6)
    FSharp.Core (4.0.0.1)
    FSharp.Data (2.3)
      Zlib.Portable (>= 1.11) - framework: >= net45, portable-net45+sl5+win8, portable-net45+win8, portable-net45+win8+wp8+wpa81
    FSharp.Formatting (2.14.4)
      FSharp.Compiler.Service (2.0.0.6)
      FSharpVSPowerTools.Core (>= 2.3 < 2.4)
    FSharpVSPowerTools.Core (2.3)
      FSharp.Compiler.Service (>= 2.0.0.3)
    Microsoft.Bcl (1.1.10) - framework: net10, net11, net20, net30, net35, net40, net40-full
      Microsoft.Bcl.Build (>= 1.0.14)
    Microsoft.Bcl.Build (1.0.21) - import_targets: false, framework: net10, net11, net20, net30, net35, net40, net40-full
    Microsoft.Net.Http (2.2.29) - framework: net10, net11, net20, net30, net35, net40, net40-full
      Microsoft.Bcl (>= 1.1.10)
      Microsoft.Bcl.Build (>= 1.0.14)
    Microsoft.WindowsAzure.ConfigurationManager (2.0.3)
    NUnit (3.2.1)
    NUnit.ConsoleRunner (3.2.1)
    NUnit.Extension.NUnitProjectLoader (3.2.1)
    NUnit.Extension.NUnitV2Driver (3.2.1)
    NUnit.Extension.NUnitV2ResultWriter (3.2.1)
    NUnit.Extension.VSProjectLoader (3.2.1)
    NUnit.Runners (3.2.1)
      NUnit.ConsoleRunner (3.2.1)
      NUnit.Extension.NUnitProjectLoader (3.2.1)
      NUnit.Extension.NUnitV2Driver (3.2.1)
      NUnit.Extension.NUnitV2ResultWriter (3.2.1)
      NUnit.Extension.VSProjectLoader (3.2.1)
    Octokit (0.19)
      Microsoft.Net.Http  - framework: net10, net11, net20, net30, net35, net40, net40-full
    SourceLink.Fake (1.1)
    Zlib.Portable (1.11) - framework: >= net45, portable-net45+sl5+win8, portable-net45+win8, portable-net45+win8+wp8+wpa81
  remote: local-packages
  specs:
    Prajna (0.0.1.7-alpha)
      FSharp.Core (>= 3.1.2)
    Prajna.Services (0.0.1.7-alpha)
      FSharp.Core (>= 3.1.2)
      Prajna
    Prajna.WCFTools (0.0.1.7-alpha)
      FSharp.Core (>= 3.1.2)
      Prajna
    Prajna.WPFTools (0.0.1.7-alpha)
      FSharp.Core (>= 3.1.2)
      Prajna
    VMHub.Services (0.0.1.2-alpha)
      FSharp.Core (>= 3.1.2)
      Prajna
      Prajna.Services
GITHUB
  remote: fsharp/FAKE
  specs:
    modules/Octokit/Octokit.fsx (60acb2f035cb39f2bd40a6c58a4de10d915da248)
      Octokit
HTTP
  remote: https://live.sysinternals.com
  specs:
    Handle.zip (/files/Handle.zip)
  remote: http://onenet11
  specs:
    CaffeCommon.zip (/PrajnaHub/Dependencies/CaffeCommon.zip)
    FaceRecognition.zip (/PrajnaHub/Dependencies/FaceRecognition.zip)
    ImageCaption.zip (/PrajnaHub/Dependencies/ImageCaption.zip)
    PrajnaRecogServer.zip (/PrajnaHub/Dependencies/PrajnaRecogServer.zip)