NUGET
  remote: https://www.nuget.org/api/v2
  specs:
    FAKE (4.19.0)
    FSharp.Compiler.Service (1.4.2.3)
    FSharp.Core (4.0.0.1)
    FSharp.Data (2.2.5)
      Zlib.Portable (>= 1.10.0) - framework: portable-net40+sl50+wp80+win80
    FSharp.Formatting (2.13.5)
      FSharp.Compiler.Service (>= 1.4.2 < 1.5.0)
      FSharpVSPowerTools.Core (>= 2.2.0 < 2.3.0)
    FSharpVSPowerTools.Core (2.2.0)
      FSharp.Compiler.Service (>= 1.4.2.0)
    Microsoft.Bcl (1.1.10)
      Microsoft.Bcl.Build (>= 1.0.14)
    Microsoft.Bcl.Build (1.0.21) - import_targets: false
    Microsoft.Net.Http (2.2.29)
      Microsoft.Bcl (>= 1.1.10)
      Microsoft.Bcl.Build (>= 1.0.14)
    Microsoft.WindowsAzure.ConfigurationManager (2.0.3)
    NUnit (3.0.1)
    NUnit.Console (3.0.1)
    NUnit.Runners (3.0.1)
      NUnit.Console (3.0.1)
    Octokit (0.18.0)
      Microsoft.Net.Http
    Prajna (0.0.1.7-alpha)
      FSharp.Core (>= 3.1.2)
    SourceLink.Fake (1.1.0)
    Zlib.Portable (1.11.0) - framework: portable-net40+sl50+wp80+win80
  remote: local-packages
  specs:
    Prajna.Services (0.0.1.6-alpha)
      FSharp.Core (>= 3.1.2)
      Prajna
    Prajna.WCFTools (0.0.1.6-alpha)
      FSharp.Core (>= 3.1.2)
      Prajna
    Prajna.WPFTools (0.0.1.6-alpha)
      FSharp.Core (>= 3.1.2)
      Prajna
    VMHub.Services (0.0.1.2-alpha)
      FSharp.Core (>= 3.1.2)
      Prajna
      Prajna.Services
GITHUB
  remote: fsharp/FAKE
  specs:
    modules/Octokit/Octokit.fsx (8c566a1671690e797881d4247134967e6cd9b1ac)
      Octokit
HTTP
  remote: https://live.sysinternals.com
  specs:
    Handle.zip (/files/Handle.zip)
  remote: http://onenet11
  specs:
    CaffeCommon.zip (/PrajnaHub/Dependencies/CaffeCommon.zip)
    FaceRecognition.zip (/PrajnaHub/Dependencies/FaceRecognition.zip)
    ImageCaption.zip (/PrajnaHub/Dependencies/ImageCaption.zip)
    PrajnaRecogServer.zip (/PrajnaHub/Dependencies/PrajnaRecogServer.zip)