NUGET
  remote: https://www.nuget.org/api/v2
  specs:
    FAKE (4.20.0)
    FSharp.Compiler.Service (2.0.0.5)
    FSharp.Core (4.0.0.1)
    FSharp.Data (2.2.5)
      Zlib.Portable (>= 1.10.0) - framework: portable-net40+sl50+wp80+win80
    FSharp.Formatting (2.14.0)
      FSharp.Compiler.Service (>= 2.0.0.3 < 2.1.0)
      FSharpVSPowerTools.Core (>= 2.3.0 < 2.4.0)
    FSharpVSPowerTools.Core (2.3.0)
      FSharp.Compiler.Service (>= 2.0.0.3)
    Microsoft.Bcl (1.1.10)
      Microsoft.Bcl.Build (>= 1.0.14)
    Microsoft.Bcl.Build (1.0.21) - import_targets: false
    Microsoft.Net.Http (2.2.29)
      Microsoft.Bcl (>= 1.1.10)
      Microsoft.Bcl.Build (>= 1.0.14)
    Microsoft.WindowsAzure.ConfigurationManager (2.0.3)
    NUnit (3.0.1)
    NUnit.Console (3.0.1)
    NUnit.Runners (3.0.1)
      NUnit.Console (3.0.1)
    Octokit (0.18.0)
      Microsoft.Net.Http
    SourceLink.Fake (1.1.0)
    Zlib.Portable (1.11.0) - framework: portable-net40+sl50+wp80+win80
  remote: local-packages
  specs:
    Prajna (0.0.1.7-alpha)
      FSharp.Core (>= 3.1.2)
    Prajna.Services (0.0.1.7-alpha)
      FSharp.Core (>= 3.1.2)
      Prajna
    Prajna.WCFTools (0.0.1.7-alpha)
      FSharp.Core (>= 3.1.2)
      Prajna
    Prajna.WPFTools (0.0.1.7-alpha)
      FSharp.Core (>= 3.1.2)
      Prajna
    VMHub.Services (0.0.1.2-alpha)
      FSharp.Core (>= 3.1.2)
      Prajna
      Prajna.Services
GITHUB
  remote: fsharp/FAKE
  specs:
    modules/Octokit/Octokit.fsx (43c4800c5f132d2c2d6832a3a59232a64d83d4c0)
      Octokit
HTTP
  remote: https://live.sysinternals.com
  specs:
    Handle.zip (/files/Handle.zip)
  remote: http://onenet11
  specs:
    CaffeCommon.zip (/PrajnaHub/Dependencies/CaffeCommon.zip)
    FaceRecognition.zip (/PrajnaHub/Dependencies/FaceRecognition.zip)
    ImageCaption.zip (/PrajnaHub/Dependencies/ImageCaption.zip)
    PrajnaRecogServer.zip (/PrajnaHub/Dependencies/PrajnaRecogServer.zip)